GEM
  remote: https://rubygems.org/
  specs:
    jekyll-paginate (1.1.0)

PLATFORMS
  ruby

DEPENDENCIES
  jekyll-paginate
